GEM
  remote: https://rubygems.org/
  specs:
    cuba (3.3.0)
      rack
    mote (1.1.2)
    mote-render (1.1.0)
    rack (1.5.2)

PLATFORMS
  ruby

DEPENDENCIES
  cuba
  mote
  mote-render
